GIT
  remote: git://github.com/mkroman/blur.git
  revision: 5c93266a6b085adcc88f9666b3ccd044fc47804f
  specs:
    blur (1.9)
      eventmachine (> 0.12)
      majic (>= 0.2)

GEM
  remote: https://rubygems.org/
  specs:
    activesupport (4.2.0)
      i18n (~> 0.7)
      json (~> 1.7, >= 1.7.7)
      minitest (~> 5.1)
      thread_safe (~> 0.3, >= 0.3.4)
      tzinfo (~> 1.1)
    dnsbl-client (1.0.1)
    dronebl.rb (0.1.0.0)
      httparty (~> 0.13)
      nokogiri (~> 1.6)
    eventmachine (1.0.7)
    httparty (0.13.3)
      json (~> 1.8)
      multi_xml (>= 0.5.2)
    i18n (0.7.0)
    ipaddress (0.8.0)
    json (1.8.2)
    majic (0.4.3)
      activesupport
    mini_portile (0.6.2)
    minitest (5.5.1)
    multi_xml (0.5.5)
    nokogiri (1.6.6.2)
      mini_portile (~> 0.6.0)
    thread_safe (0.3.4)
    tzinfo (1.2.2)
      thread_safe (~> 0.1)

PLATFORMS
  ruby

DEPENDENCIES
  blur!
  dnsbl-client
  dronebl.rb
  ipaddress
